GEM
  remote: https://rubygems.org/
  specs:
    activemodel (3.2.17)
      activesupport (= 3.2.17)
      builder (~> 3.0.0)
    activesupport (3.2.17)
      i18n (~> 0.6, >= 0.6.4)
      multi_json (~> 1.0)
    awesome_print (1.2.0)
    backports (3.6.0)
    bson (1.10.0)
    bson_ext (1.10.0)
      bson (~> 1.10.0)
    builder (3.0.4)
    colored (1.2)
    delayed_job (4.0.1)
      activesupport (>= 3.0, < 4.2)
    delayed_job_mongoid (2.1.0)
      delayed_job (>= 3.0, < 5)
      mongoid (>= 3.0, < 5)
    excon (0.34.0)
    faraday (0.9.0)
      multipart-post (>= 1.2, < 3)
    fast-stemmer (1.0.2)
    fog (1.22.1)
      fog-brightbox
      fog-core (~> 1.22)
      fog-json
      ipaddress (~> 0.5)
      nokogiri (~> 1.5, >= 1.5.11)
    fog-brightbox (0.0.2)
      fog-core
      fog-json
    fog-core (1.22.0)
      builder
      excon (~> 0.33)
      formatador (~> 0.2)
      mime-types
      net-scp (~> 1.1)
      net-ssh (>= 2.1.3)
    fog-json (1.0.0)
      multi_json (~> 1.0)
    formatador (0.2.5)
    hashie (3.3.1)
    i18n (0.6.9)
    ipaddress (0.8.0)
    json (1.8.1)
    jwt (1.0.0)
    kgio (2.9.2)
    macaddr (1.7.1)
      systemu (~> 2.6.2)
    mail (2.2.7)
      activesupport (>= 2.3.6)
      mime-types
      treetop (>= 1.4.5)
    mime-types (2.2)
    mini_magick (3.8.0)
      subexec (~> 0.2.1)
    mini_portile (0.5.3)
    mongo (1.10.0)
      bson (~> 1.10.0)
    mongoid (3.1.6)
      activemodel (~> 3.2)
      moped (~> 1.4)
      origin (~> 1.0)
      tzinfo (~> 0.3.29)
    mongoid_search (0.3.2)
      fast-stemmer (~> 1.0.0)
      mongoid (>= 3.0.0)
    moped (1.5.2)
    multi_json (1.9.3)
    multi_xml (0.5.5)
    multipart-post (2.0.0)
    net-scp (1.2.1)
      net-ssh (>= 2.6.5)
    net-ssh (2.9.1)
    newrelic_rpm (3.8.1.221)
    nokogiri (1.6.1)
      mini_portile (~> 0.5.0)
    oauth2 (1.0.0)
      faraday (>= 0.8, < 0.10)
      jwt (~> 1.0)
      multi_json (~> 1.3)
      multi_xml (~> 0.5)
      rack (~> 1.2)
    omniauth (1.2.2)
      hashie (>= 1.2, < 4)
      rack (~> 1.0)
    omniauth-google-oauth2 (0.2.5)
      omniauth (> 1.0)
      omniauth-oauth2 (~> 1.1)
    omniauth-oauth2 (1.2.0)
      faraday (>= 0.8, < 0.10)
      multi_json (~> 1.3)
      oauth2 (~> 1.0)
      omniauth (~> 1.2)
    origin (1.1.0)
    parallel (1.0.0)
    pdf-core (0.2.5)
    polyglot (0.3.4)
    pony (1.8)
      mail (>= 2.0)
    prawn (1.2.1)
      pdf-core (~> 0.2.5)
      ttfunk (~> 1.2.0)
    prawn-table (0.1.0)
    rack (1.5.2)
    rack-flash (0.1.2)
      rack
    rack-protection (1.5.3)
      rack
    rack-test (0.6.2)
      rack (>= 1.0)
    raindrops (0.13.0)
    rake (10.3.1)
    rest-client (1.6.7)
      mime-types (>= 1.16)
    sinatra (1.4.5)
      rack (~> 1.4)
      rack-protection (~> 1.4)
      tilt (~> 1.3, >= 1.3.4)
    sinatra-contrib (1.4.2)
      backports (>= 2.0)
      multi_json
      rack-protection
      rack-test
      sinatra (~> 1.4.0)
      tilt (~> 1.3)
    sinatra-flash (0.3.0)
      sinatra (>= 1.0.0)
    sshkey (1.6.1)
    subexec (0.2.3)
    systemu (2.6.4)
    tilt (1.4.1)
    treetop (1.5.3)
      polyglot (~> 0.3)
    ttfunk (1.2.0)
    twilio-ruby (3.12.0)
      builder (>= 2.1.2)
      jwt (~> 1.0.0)
      multi_json (>= 1.3.0)
    tzinfo (0.3.39)
    unicorn (4.8.3)
      kgio (~> 2.6)
      rack
      raindrops (~> 0.7)
    uuid (2.3.7)
      macaddr (~> 1.0)

PLATFORMS
  ruby

DEPENDENCIES
  awesome_print
  bson_ext
  colored
  delayed_job
  delayed_job_mongoid
  fog
  json
  mini_magick
  mongo
  mongoid
  mongoid_search
  multi_json
  newrelic_rpm
  nokogiri
  omniauth-google-oauth2
  parallel
  pony
  prawn (~> 1.2.1)
  prawn-table (~> 0.1.0)
  rack-flash
  rake
  rest-client
  sinatra
  sinatra-contrib
  sinatra-flash
  sshkey
  twilio-ruby
  unicorn
  uuid
